PATH
  remote: rspec
  specs:
    rspec (3.2.0.pre)
      rspec-core (= 3.2.0.pre)
      rspec-expectations (= 3.2.0.pre)
      rspec-mocks (= 3.2.0.pre)

PATH
  remote: rspec-core
  specs:
    rspec-core (3.2.0.pre)
      rspec-support (= 3.2.0.pre)

PATH
  remote: rspec-expectations
  specs:
    rspec-expectations (3.2.0.pre)
      diff-lcs (>= 1.2.0, < 2.0)
      rspec-support (= 3.2.0.pre)

PATH
  remote: rspec-mocks
  specs:
    rspec-mocks (3.2.0.pre)
      diff-lcs (>= 1.2.0, < 2.0)
      rspec-support (= 3.2.0.pre)

PATH
  remote: rspec-rails
  specs:
    rspec-rails (3.2.0.pre)
      actionpack (>= 3.0, <= 4.2)
      activesupport (>= 3.0, <= 4.2)
      railties (>= 3.0, <= 4.2)
      rspec-core (= 3.2.0.pre)
      rspec-expectations (= 3.2.0.pre)
      rspec-mocks (= 3.2.0.pre)
      rspec-support (= 3.2.0.pre)

PATH
  remote: rspec-support
  specs:
    rspec-support (3.2.0.pre)

GEM
  remote: https://rubygems.org/
  specs:
    actionpack (4.2.0)
      actionview (= 4.2.0)
      activesupport (= 4.2.0)
      rack (~> 1.6.0)
      rack-test (~> 0.6.2)
      rails-dom-testing (~> 1.0, >= 1.0.5)
      rails-html-sanitizer (~> 1.0, >= 1.0.1)
    actionview (4.2.0)
      activesupport (= 4.2.0)
      builder (~> 3.1)
      erubis (~> 2.7.0)
      rails-dom-testing (~> 1.0, >= 1.0.5)
      rails-html-sanitizer (~> 1.0, >= 1.0.1)
    activesupport (4.2.0)
      i18n (~> 0.7)
      json (~> 1.7, >= 1.7.7)
      minitest (~> 5.1)
      thread_safe (~> 0.3, >= 0.3.4)
      tzinfo (~> 1.1)
    builder (3.2.2)
    diff-lcs (1.2.5)
    erubis (2.7.0)
    i18n (0.7.0)
    json (1.8.2)
    loofah (2.0.1)
      nokogiri (>= 1.5.9)
    mini_portile (0.6.2)
    minitest (5.5.1)
    nokogiri (1.6.6.2)
      mini_portile (~> 0.6.0)
    rack (1.6.0)
    rack-test (0.6.3)
      rack (>= 1.0)
    rails-deprecated_sanitizer (1.0.3)
      activesupport (>= 4.2.0.alpha)
    rails-dom-testing (1.0.5)
      activesupport (>= 4.2.0.beta, < 5.0)
      nokogiri (~> 1.6.0)
      rails-deprecated_sanitizer (>= 1.0.1)
    rails-html-sanitizer (1.0.1)
      loofah (~> 2.0)
    railties (4.2.0)
      actionpack (= 4.2.0)
      activesupport (= 4.2.0)
      rake (>= 0.8.7)
      thor (>= 0.18.1, < 2.0)
    rake (10.4.2)
    thor (0.19.1)
    thread_safe (0.3.4)
    tzinfo (1.2.2)
      thread_safe (~> 0.1)

PLATFORMS
  ruby

DEPENDENCIES
  rspec!
  rspec-core!
  rspec-expectations!
  rspec-mocks!
  rspec-rails!
  rspec-support!
